PATH
  remote: .
  specs:
    serrano (0.0.4.9000)
      faraday (~> 0.9.1)
      multi_json (~> 1.0)
      thor (~> 0.19)

GEM
  remote: https://rubygems.org/
  specs:
    ansi (1.5.0)
    ast (2.1.0)
    codecov (0.1.1)
      json
      simplecov
      url
    docile (1.1.5)
    faraday (0.9.1)
      multipart-post (>= 1.2, < 3)
    json (1.8.3)
    multi_json (1.11.2)
    multipart-post (2.0.0)
    oga (1.2.3)
      ast
      ruby-ll (~> 2.1)
    power_assert (0.2.4)
    rake (10.4.2)
    ruby-ll (2.1.2)
      ansi
      ast
    simplecov (0.10.0)
      docile (~> 1.1.0)
      json (~> 1.8)
      simplecov-html (~> 0.10.0)
    simplecov-html (0.10.0)
    test-unit (3.1.3)
      power_assert
    thor (0.19.1)
    url (0.3.2)

PLATFORMS
  ruby

DEPENDENCIES
  bundler (~> 1.6)
  codecov (~> 0.1)
  json (~> 1.8, >= 1.8.3)
  oga (~> 1.2)
  rake (~> 10.4)
  serrano!
  simplecov (~> 0.10)
  test-unit (~> 3.1)

BUNDLED WITH
   1.10.6
