PATH
  remote: .
  specs:
    serrano (0.3.0)
      faraday (~> 0.9.2)
      faraday_middleware (~> 0.10.0)
      multi_json (~> 1.12, >= 1.12.1)
      thor (~> 0.19.1)

GEM
  remote: https://rubygems.org/
  specs:
    codecov (0.1.6)
      json
      simplecov
      url
    docile (1.1.5)
    faraday (0.9.2)
      multipart-post (>= 1.2, < 3)
    faraday_middleware (0.10.0)
      faraday (>= 0.7.4, < 0.10)
    json (2.0.2)
    multi_json (1.12.1)
    multipart-post (2.0.0)
    power_assert (0.3.1)
    rake (11.3.0)
    simplecov (0.12.0)
      docile (~> 1.1.0)
      json (>= 1.8, < 3)
      simplecov-html (~> 0.10.0)
    simplecov-html (0.10.0)
    test-unit (3.2.1)
      power_assert
    thor (0.19.1)
    url (0.3.2)

PLATFORMS
  ruby

DEPENDENCIES
  bundler (~> 1.13, >= 1.13.5)
  codecov (~> 0.1.6)
  json (~> 2.0, >= 2.0.2)
  rake (~> 11.3)
  serrano!
  simplecov (~> 0.12.0)
  test-unit (~> 3.2, >= 3.2.1)

BUNDLED WITH
   1.13.5
