PATH
  remote: .
  specs:
    crossrefrb (0.0.2.9500)
      httparty (~> 0.13)
      json (~> 1.8)
      thor (~> 0.19)

GEM
  remote: https://rubygems.org/
  specs:
    ansi (1.5.0)
    ast (2.1.0)
    codecov (0.1.1)
      json
      simplecov
      url
    docile (1.1.5)
    httparty (0.13.5)
      json (~> 1.8)
      multi_xml (>= 0.5.2)
    json (1.8.3)
    multi_xml (0.5.5)
    oga (1.2.3)
      ast
      ruby-ll (~> 2.1)
    power_assert (0.2.4)
    rake (10.4.2)
    ruby-ll (2.1.2)
      ansi
      ast
    simplecov (0.10.0)
      docile (~> 1.1.0)
      json (~> 1.8)
      simplecov-html (~> 0.10.0)
    simplecov-html (0.10.0)
    test-unit (3.1.3)
      power_assert
    thor (0.19.1)
    url (0.3.2)

PLATFORMS
  ruby

DEPENDENCIES
  bundler (~> 1.6)
  codecov (~> 0.1)
  crossrefrb!
  oga (~> 1.2)
  rake (~> 10.4)
  simplecov (~> 0.10)
  test-unit (~> 3.1)

BUNDLED WITH
   1.10.6
